GEM
  remote: http://rubygems.org/
  specs:
    minitest (5.10.1)

PLATFORMS
  ruby

DEPENDENCIES
  minitest

BUNDLED WITH
   1.10.6
